PATH
  remote: .
  specs:
    dockerun (0.1.15)
      colorize (~> 0.8.0)
      docker-cli (~> 0.2.1)
      teLogger (~> 0.2.0)
      toolrack (~> 0.20.1)
      tty-command (~> 0.10.1)
      tty-option (~> 0.2.0)

GEM
  remote: https://rubygems.org/
  specs:
    base58 (0.2.3)
    colorize (0.8.1)
    devops_assist (0.3.3)
      git_cli
      git_cli_prompt
      gvcs
      teLogger
      toolrack
      tty-prompt
    diff-lcs (1.5.0)
    docker-cli (0.2.1)
      ptools (~> 1.4.3)
      teLogger (~> 0.2.2)
      toolrack (~> 0.20.1)
      tty-command (~> 0.10.1)
      tty-prompt (~> 0.23.1)
    git_cli (0.11.2)
      gvcs
      ptools (~> 1.4.0)
      teLogger
      toolrack
    git_cli_prompt (0.3.1)
      teLogger
      toolrack
      tty-prompt
    gvcs (0.1.1)
    pastel (0.8.0)
      tty-color (~> 0.5)
    ptools (1.4.3)
    rake (13.0.6)
    rspec (3.12.0)
      rspec-core (~> 3.12.0)
      rspec-expectations (~> 3.12.0)
      rspec-mocks (~> 3.12.0)
    rspec-core (3.12.1)
      rspec-support (~> 3.12.0)
    rspec-expectations (3.12.2)
      diff-lcs (>= 1.2.0, < 2.0)
      rspec-support (~> 3.12.0)
    rspec-mocks (3.12.4)
      diff-lcs (>= 1.2.0, < 2.0)
      rspec-support (~> 3.12.0)
    rspec-support (3.12.0)
    teLogger (0.2.2)
    toolrack (0.20.1)
      base58
    tty-color (0.6.0)
    tty-command (0.10.1)
      pastel (~> 0.8)
    tty-cursor (0.7.1)
    tty-option (0.2.0)
    tty-prompt (0.23.1)
      pastel (~> 0.8)
      tty-reader (~> 0.8)
    tty-reader (0.9.0)
      tty-cursor (~> 0.7)
      tty-screen (~> 0.8)
      wisper (~> 2.0)
    tty-screen (0.8.1)
    wisper (2.0.1)

PLATFORMS
  x86_64-darwin-21

DEPENDENCIES
  devops_assist
  dockerun!
  rake (~> 13.0)
  rspec (~> 3.0)

BUNDLED WITH
   2.4.6
