GIT
  remote: docker-cli
  revision: cd98abd04233e08b846c48a99fc3687602f544c7
  branch: master
  specs:
    docker-cli (0.1.0)
      ptools
      teLogger
      toolrack
      tty-command
      tty-prompt

PATH
  remote: .
  specs:
    dockerun (0.1.0)
      teLogger (~> 0.2.0)
      toolrack (~> 0.19.1)
      tty-command (~> 0.10.1)
      tty-option (~> 0.2.0)

GEM
  remote: https://rubygems.org/
  specs:
    base58 (0.2.3)
    diff-lcs (1.5.0)
    pastel (0.8.0)
      tty-color (~> 0.5)
    ptools (1.4.3)
    rake (13.0.6)
    rspec (3.12.0)
      rspec-core (~> 3.12.0)
      rspec-expectations (~> 3.12.0)
      rspec-mocks (~> 3.12.0)
    rspec-core (3.12.0)
      rspec-support (~> 3.12.0)
    rspec-expectations (3.12.0)
      diff-lcs (>= 1.2.0, < 2.0)
      rspec-support (~> 3.12.0)
    rspec-mocks (3.12.0)
      diff-lcs (>= 1.2.0, < 2.0)
      rspec-support (~> 3.12.0)
    rspec-support (3.12.0)
    teLogger (0.2.0)
    toolrack (0.19.1)
      base58
    tty-color (0.6.0)
    tty-command (0.10.1)
      pastel (~> 0.8)
    tty-cursor (0.7.1)
    tty-option (0.2.0)
    tty-prompt (0.23.1)
      pastel (~> 0.8)
      tty-reader (~> 0.8)
    tty-reader (0.9.0)
      tty-cursor (~> 0.7)
      tty-screen (~> 0.8)
      wisper (~> 2.0)
    tty-screen (0.8.1)
    wisper (2.0.1)

PLATFORMS
  x86_64-linux

DEPENDENCIES
  docker-cli!
  dockerun!
  rake (~> 13.0)
  rspec (~> 3.0)

BUNDLED WITH
   2.2.28
